GEM
  remote: https://rubygems.org/
  specs:
    combine_pdf (0.2.33)
      ruby-rc4 (>= 0.1.5)
    pdf-core (0.6.1)
    prawn (2.1.0)
      pdf-core (~> 0.6.1)
      ttfunk (~> 1.4.0)
    ruby-rc4 (0.1.5)
    ttfunk (1.4.0)

PLATFORMS
  ruby

DEPENDENCIES
  combine_pdf
  prawn

BUNDLED WITH
   1.11.2
